PATH
  remote: .
  specs:
    wwexship (0.0.2)
      active_shipping

GEM
  remote: https://rubygems.org/

  specs:
    active_shipping (0.11.2)
      active_utils (>= 1.0.1)
      activesupport (>= 2.3.5)
      builder
      i18n
      json (>= 1.5.1)
    active_utils (2.0.1)
      activesupport (>= 2.3.11)
      i18n
    activesupport (4.0.1)
      i18n (~> 0.6, >= 0.6.4)
      minitest (~> 4.2)
      multi_json (~> 1.3)
      thread_safe (~> 0.1)
      tzinfo (~> 0.3.37)
    atomic (1.1.14)
    builder (3.2.2)
    i18n (0.6.5)
    json (1.8.1)
    metaclass (0.0.4)
    mini_portile (0.5.2)
    minitest (4.7.5)
    mocha (0.14.0)
      metaclass (~> 0.0.1)
    multi_json (1.8.2)
    nokogiri (1.6.0)
      mini_portile (~> 0.5.0)
    rake (10.1.0)
    thread_safe (0.1.3)
      atomic
    timecop (0.7.1)
    tzinfo (0.3.37)

PLATFORMS
  ruby

DEPENDENCIES
  minitest (~> 4.7.5)
  mocha (~> 0.14.0)
  nokogiri
  rake
  timecop
  wwexship!
